GEM
  remote: https://rubygems.org/
  specs:
    bmg (0.17.6)
      path (>= 1.3)
      predicate (~> 2.4, >= 2.4.0)
    path (2.0.1)
    pg (1.2.3)
    predicate (2.4.0)
      sexpr (~> 0.6.0)
    sequel (5.36.0)
    sexpr (0.6.0)

PLATFORMS
  ruby

DEPENDENCIES
  bmg!
  pg!
  sequel!

BUNDLED WITH
   2.1.4
